GEM
  remote: https://rubygems.org/
  specs:
    minitest (5.16.3)

PLATFORMS
  x86_64-darwin-21
  x86_64-linux

DEPENDENCIES
  minitest

RUBY VERSION
   ruby 3.0.4p208

BUNDLED WITH
   2.2.22
